PATH
  remote: .
  specs:
    kramdown-prismic (0.2.1)
      kramdown (~> 1.0)

GEM
  remote: https://rubygems.org/
  specs:
    kramdown (1.17.0)
    minitest (5.10.3)
    rake (13.0.6)

PLATFORMS
  ruby

DEPENDENCIES
  kramdown-prismic!
  minitest (~> 5.0)
  rake (~> 13.0)

BUNDLED WITH
   1.17.2
