PATH
  remote: .
  specs:
    kramdown-prismic (0.3.10)
      kramdown (>= 1, < 3)

GEM
  remote: https://rubygems.org/
  specs:
    kramdown (2.4.0)
      rexml
    minitest (5.16.3)
    rake (13.0.6)
    rexml (3.3.6)
      strscan
    strscan (3.1.0)

PLATFORMS
  ruby

DEPENDENCIES
  kramdown-prismic!
  minitest (~> 5.0)
  rake (~> 13.0)

BUNDLED WITH
   2.1.4
