PATH
  remote: .
  specs:
    kramdown-prismic (0.3.10)
      kramdown (>= 1, < 3)

GEM
  remote: https://rubygems.org/
  specs:
    diffy (3.4.2)
    json (2.7.1)
    kramdown (2.4.0)
      rexml
    minitest (5.16.3)
    minitest-match_json (0.2.0)
      diffy
      json
      minitest (>= 4.0)
    rake (13.0.6)
    rexml (3.3.9)

PLATFORMS
  ruby

DEPENDENCIES
  kramdown-prismic!
  minitest (~> 5.0)
  minitest-match_json (~> 0.2.0)
  rake (~> 13.0)

BUNDLED WITH
   2.1.4
