PATH
  remote: .
  specs:
    kramdown-prismic (0.2.0)
      kramdown (~> 2.0)

GEM
  remote: https://rubygems.org/
  specs:
    kramdown (2.3.1)
      rexml
    minitest (5.10.3)
    rake (12.2.1)
    rexml (3.2.5)

PLATFORMS
  ruby

DEPENDENCIES
  kramdown-prismic!
  minitest (~> 5.0)
  rake (~> 12.0)

BUNDLED WITH
   1.17.2
